GEM
  remote: https://rubygems.org/
  specs:
    arr-pm (0.0.8)
      cabin (> 0)
    backports (2.3.0)
    cabin (0.4.4)
      json
    clamp (0.6.1)
    diff-lcs (1.1.3)
    facter (1.7.1)
    fpm (0.4.6)
      arr-pm (~> 0.0.7)
      backports (= 2.3.0)
      cabin (~> 0.4.3)
      clamp
      json
    hiera (1.2.1)
      json_pure
    hiera-puppet-helper (1.0.1)
    json (1.7.7)
    json_pure (1.8.0)
    librarian-puppet (0.9.8)
      json
      thor (~> 0.15)
    metaclass (0.0.1)
    mocha (0.14.0)
      metaclass (~> 0.0.1)
    puppet (3.1.1)
      facter (~> 1.6)
      hiera (~> 1.0)
    puppet-lint (0.3.2)
    puppetlabs_spec_helper (0.4.1)
      mocha (>= 0.10.5)
      rake
      rspec (>= 2.9.0)
      rspec-puppet (>= 0.1.1)
    rake (10.0.4)
    rspec (2.12.0)
      rspec-core (~> 2.12.0)
      rspec-expectations (~> 2.12.0)
      rspec-mocks (~> 2.12.0)
    rspec-core (2.12.2)
    rspec-expectations (2.12.1)
      diff-lcs (~> 1.1.3)
    rspec-mocks (2.12.2)
    rspec-puppet (0.1.6)
      rspec
    thor (0.18.1)

PLATFORMS
  ruby

DEPENDENCIES
  facter (= 1.7.1)
  fpm (= 0.4.6)
  hiera-puppet-helper
  librarian-puppet (= 0.9.8)
  puppet (= 3.1.1)
  puppet-lint (= 0.3.2)
  puppetlabs_spec_helper (~> 0.4)
  rake
  rspec (= 2.12.0)
  rspec-expectations (= 2.12.1)
  rspec-mocks (= 2.12.2)
  rspec-puppet (~> 0.1)
