GEM
  remote: https://rubygems.org/
  specs:
    diff-lcs (1.2.4)
    facter (1.7.5)
    hiera (1.2.1)
      json_pure
    hiera-puppet-helper (1.0.1)
    highline (1.6.20)
    json (1.8.1)
    json_pure (1.8.0)
    librarian (0.1.2)
      highline
      thor (~> 0.15)
    librarian-puppet (0.9.13)
      json
      librarian (>= 0.1.2)
      open3_backport
    metaclass (0.0.1)
    mocha (0.14.0)
      metaclass (~> 0.0.1)
    open3_backport (0.0.3)
      open4 (~> 1.3.0)
    open4 (1.3.2)
    puppet (3.4.3)
      facter (~> 1.6)
      hiera (~> 1.0)
    puppet-lint (0.3.2)
    puppetlabs_spec_helper (0.4.1)
      mocha (>= 0.10.5)
      rake
      rspec (>= 2.9.0)
      rspec-puppet (>= 0.1.1)
    rake (10.1.1)
    rspec (2.14.1)
      rspec-core (~> 2.14.0)
      rspec-expectations (~> 2.14.0)
      rspec-mocks (~> 2.14.0)
    rspec-core (2.14.5)
    rspec-expectations (2.14.2)
      diff-lcs (>= 1.1.3, < 2.0)
    rspec-mocks (2.14.3)
    rspec-puppet (0.1.6)
      rspec
    thor (0.18.1)

PLATFORMS
  ruby

DEPENDENCIES
  facter (= 1.7.5)
  hiera-puppet-helper
  librarian-puppet (= 0.9.14)
  puppet (= 3.4.3)
  puppet-lint (= 0.3.2)
  puppetlabs_spec_helper (~> 0.4)
  rake (= 10.1.1)
  rspec-puppet (~> 0.1)
