GEM
  remote: https://rubygems.org/
  specs:
    Platform (0.4.0)
    archive-tar-minitar (0.5.2)
    arr-pm (0.0.8)
      cabin (> 0)
    backports (2.3.0)
    cabin (0.4.4)
      json
    childprocess (0.3.9)
      ffi (~> 1.0, >= 1.0.11)
    clamp (0.6.1)
    diff-lcs (1.1.3)
    erubis (2.7.0)
    facter (1.7.1)
    ffi (1.8.1)
    fpm (0.4.6)
      arr-pm (~> 0.0.7)
      backports (= 2.3.0)
      cabin (~> 0.4.3)
      clamp
      json
    hiera (1.2.1)
      json_pure
    hiera-puppet-helper (1.0.1)
    i18n (0.6.4)
    json (1.7.7)
    json_pure (1.8.0)
    librarian-puppet (0.9.8)
      json
      thor (~> 0.15)
    librarian-puppet-vagrant (0.0.1)
    log4r (1.1.10)
    metaclass (0.0.1)
    mocha (0.14.0)
      metaclass (~> 0.0.1)
    net-scp (1.0.4)
      net-ssh (>= 1.99.1)
    net-ssh (2.2.2)
    open4 (1.3.0)
    popen4 (0.1.2)
      Platform (>= 0.4.0)
      open4 (>= 0.4.0)
    puppet (3.1.1)
      facter (~> 1.6)
      hiera (~> 1.0)
    puppet-lint (0.3.2)
    puppetlabs_spec_helper (0.4.1)
      mocha (>= 0.10.5)
      rake
      rspec (>= 2.9.0)
      rspec-puppet (>= 0.1.1)
    rake (10.0.4)
    rspec (2.12.0)
      rspec-core (~> 2.12.0)
      rspec-expectations (~> 2.12.0)
      rspec-mocks (~> 2.12.0)
    rspec-core (2.12.2)
    rspec-expectations (2.12.1)
      diff-lcs (~> 1.1.3)
    rspec-mocks (2.12.2)
    rspec-puppet (0.1.6)
      rspec
    sahara (0.0.13)
      popen4 (~> 0.1.2)
      thor (> 0.14)
      vagrant (~> 1.0)
    thor (0.18.1)
    vagrant (1.0.7)
      archive-tar-minitar (= 0.5.2)
      childprocess (~> 0.3.1)
      erubis (~> 2.7.0)
      i18n (~> 0.6.0)
      json (>= 1.5.1, < 1.8.0)
      log4r (~> 1.1.9)
      net-scp (~> 1.0.4)
      net-ssh (~> 2.2.2)
    vagrant-hiera (0.4.0)

PLATFORMS
  ruby

DEPENDENCIES
  facter (= 1.7.1)
  fpm (= 0.4.6)
  hiera-puppet-helper
  librarian-puppet (= 0.9.8)
  librarian-puppet-vagrant
  puppet (= 3.1.1)
  puppet-lint (= 0.3.2)
  puppetlabs_spec_helper (~> 0.4)
  rake
  rspec (= 2.12.0)
  rspec-expectations (= 2.12.1)
  rspec-mocks (= 2.12.2)
  rspec-puppet (~> 0.1)
  sahara
  vagrant (~> 1.0)
  vagrant-hiera
